GEM
  remote: https://rubygems.org/
  specs:
    imgkit (1.6.1)
    wkhtmltoimage-binary (0.12.4)

PLATFORMS
  ruby

DEPENDENCIES
  imgkit
  wkhtmltoimage-binary

BUNDLED WITH
   1.11.2
