GEM
  remote: https://rubygems.org/
  specs:
    dotenv (2.2.0)
    ethon (0.10.1)
      ffi (>= 1.3.0)
    ffi (1.9.18)
    imgkit (1.6.1)
    typhoeus (1.1.2)
      ethon (>= 0.9.0)
    wkhtmltoimage-binary (0.12.4)

PLATFORMS
  ruby

DEPENDENCIES
  dotenv
  imgkit
  typhoeus
  wkhtmltoimage-binary

BUNDLED WITH
   1.11.2
